GIT
  remote: git@github.com:Patru/capybara-screenshot.git
  revision: b7395a5a1d4756a46aea66e9046e7838a0134ba5
  specs:
    capybara-screenshot (1.0.11)
      capybara (>= 1.0, < 3)
      launchy

GIT
  remote: https://github.com/Patru/cuba-assets.git
  revision: eeb68c7e249486623c7d10e1222bb245d0f06fa2
  specs:
    cuba-assets (0.1.4)
      cuba (~> 3.4)
      sprockets (~> 2.12)
      uglifier (~> 2.7)

GEM
  remote: https://rubygems.org/
  specs:
    activesupport (4.2.4)
      i18n (~> 0.7)
      json (~> 1.7, >= 1.7.7)
      minitest (~> 5.1)
      thread_safe (~> 0.3, >= 0.3.4)
      tzinfo (~> 1.1)
    addressable (2.3.8)
    armor (0.0.3)
    capybara (2.5.0)
      mime-types (>= 1.16)
      nokogiri (>= 1.3.3)
      rack (>= 1.0.0)
      rack-test (>= 0.5.4)
      xpath (~> 2.0)
    capybara-webkit (1.7.0)
      capybara (>= 2.3.0, < 2.6.0)
      json
    capybara_minitest_spec (1.0.5)
      capybara (>= 2)
      minitest (>= 4)
    chronic (0.10.2)
    cuba (3.4.0)
      rack
    database_cleaner (1.5.0)
    delorean (2.1.0)
      chronic
    email_spec (1.6.0)
      launchy (~> 2.1)
      mail (~> 2.2)
    execjs (2.6.0)
    forme (1.3.0)
    fortitude (0.9.4)
      activesupport (>= 3.0)
      ref (>= 1.0.5)
    hike (1.2.3)
    i18n (0.7.0)
    json (1.8.3)
    launchy (2.4.3)
      addressable (~> 2.3)
    mail (2.6.3)
      mime-types (>= 1.16, < 3)
    mime-types (2.6.1)
    mini_portile (0.6.2)
    minidown (2.1.1)
    minitest (5.8.0)
    minitest-matchers_vaccine (1.0.3)
      minitest (~> 5.0)
    minitest-metadata (0.6.0)
      minitest (>= 4.7, < 6.0)
    multi_json (1.11.2)
    nokogiri (1.6.6.2)
      mini_portile (~> 0.6.0)
    pg (0.18.3)
    pony (1.11)
      mail (>= 2.0)
    puma (2.13.4)
    rack (1.6.4)
    rack-flash3 (1.0.5)
      rack
    rack-test (0.6.3)
      rack (>= 1.0)
    ref (2.0.0)
    sass (3.4.18)
    sequel (4.26.0)
    shield (2.1.1)
      armor
    sprockets (2.12.4)
      hike (~> 1.2)
      multi_json (~> 1.0)
      rack (~> 1.0)
      tilt (~> 1.1, != 1.3.0)
    sprockets-helpers (1.2.1)
      sprockets (>= 2.2)
    sprockets-sass (1.3.1)
      sprockets (~> 2.0)
      tilt (~> 1.1)
    sqlite3 (1.3.10)
    thread_safe (0.3.5)
    tilt (1.4.1)
    tzinfo (1.2.2)
      thread_safe (~> 0.1)
    uglifier (2.7.2)
      execjs (>= 0.3.0)
      json (>= 1.8.0)
    xpath (2.0.0)
      nokogiri (~> 1.3)

PLATFORMS
  ruby

DEPENDENCIES
  capybara-screenshot!
  capybara-webkit
  capybara_minitest_spec
  cuba
  cuba-assets!
  database_cleaner
  delorean
  email_spec
  forme
  fortitude
  i18n
  launchy
  minidown
  minitest-matchers_vaccine
  minitest-metadata
  nokogiri
  pg
  pony
  puma
  rack-flash3
  rack-test
  sass
  sequel
  shield
  sprockets-helpers
  sprockets-sass
  sqlite3

BUNDLED WITH
   1.10.6
